GEM
  remote: https://rubygems.org/
  specs:
    ansi (1.5.0)
    ast (2.2.0)
    httparty (0.13.7)
      json (~> 1.8)
      multi_xml (>= 0.5.2)
    json (1.8.3)
    multi_xml (0.5.5)
    oga (2.2)
      ast
      ruby-ll (~> 2.1)
    rack (1.6.4)
    rack-protection (1.5.3)
      rack
    ruby-ll (2.1.2)
      ansi
      ast
    sinatra (1.4.7)
      rack (~> 1.5)
      rack-protection (~> 1.4)
      tilt (>= 1.3, < 3)
    tilt (2.0.2)

PLATFORMS
  ruby

DEPENDENCIES
  httparty
  oga
  sinatra

BUNDLED WITH
   1.10.6
